GEM
  remote: https://rubygems.org/
  specs:
    chronic_duration (0.10.6)
      numerizer (~> 0.1.1)
    connection_pool (2.3.0)
    numerizer (0.1.1)
    rack (2.2.4)
    redis (4.8.0)
    sidekiq (6.5.7)
      connection_pool (>= 2.2.5)
      rack (~> 2.0)
      redis (>= 4.5.0, < 5)
    sidekiq-status (2.1.3)
      chronic_duration
      sidekiq (>= 5.0)
    webrick (1.7.0)

PLATFORMS
  arm64-darwin-21

DEPENDENCIES
  rack (~> 2)
  sidekiq (~> 6)
  sidekiq-status (~> 2.1)
  webrick (~> 1.7)

BUNDLED WITH
   2.3.7
